GIT
  remote: git://github.com/panayiotis/mines.git
  revision: c7fb4978b77d8aae68019be020e118557ecb86ea
  specs:
    mines (0.0.1)
      colored
      hiredis
      redis
      thor
      twitter

GIT
  remote: git://github.com/panayiotis/time_series.git
  revision: 7c0896db0c88152bbe5394e149fcc1c746eb6b83
  specs:
    time_series (0.0.2)
      activesupport
      awesome_print
      hiredis
      redis

GEM
  remote: https://rubygems.org/
  specs:
    activesupport (3.2.14)
      i18n (~> 0.6, >= 0.6.4)
      multi_json (~> 1.0)
    addressable (2.3.5)
    awesome_print (1.1.0)
    colored (1.2)
    cookiejar (0.3.0)
    daemons (1.1.9)
    em-http-request (1.0.3)
      addressable (>= 2.2.3)
      cookiejar
      em-socksify
      eventmachine (>= 1.0.0.beta.4)
      http_parser.rb (>= 0.5.3)
    em-socksify (0.3.0)
      eventmachine (>= 1.0.0.beta.4)
    em-twitter (0.2.2)
      eventmachine (~> 1.0)
      http_parser.rb (~> 0.5)
      simple_oauth (~> 0.1)
    eventmachine (1.0.3)
    faraday (0.8.8)
      multipart-post (~> 1.2.0)
    hiredis (0.4.5)
    http_parser.rb (0.5.3)
    i18n (0.6.5)
    json (1.8.0)
    minitest (5.0.7)
    multi_json (1.8.0)
    multipart-post (1.2.0)
    redis (3.0.4)
    simple_oauth (0.2.0)
    thor (0.18.1)
    tweetstream (2.5.0)
      daemons (~> 1.1)
      em-http-request (~> 1.0.2)
      em-twitter (~> 0.2)
      twitter (~> 4.5)
      yajl-ruby (~> 1.1)
    twitter (4.8.1)
      faraday (~> 0.8, < 0.10)
      multi_json (~> 1.0)
      simple_oauth (~> 0.2)
    yajl-ruby (1.1.0)

PLATFORMS
  ruby

DEPENDENCIES
  awesome_print
  eventmachine
  json
  mines!
  minitest
  time_series!
  tweetstream
  twitter
