PATH
  remote: .
  specs:
    mines (0.0.1.alpha)
      colored
      hiredis
      json
      redis
      thor
      twitter

GEM
  remote: https://rubygems.org/
  specs:
    colored (1.2)
    faraday (0.8.4)
      multipart-post (~> 1.1)
    hiredis (0.4.5)
    json (1.8.0)
    minitest (5.0.6)
    multi_json (1.7.6)
    multipart-post (1.2.0)
    rake (10.0.4)
    redis (3.0.4)
    simple_oauth (0.2.0)
    thor (0.18.1)
    twitter (4.5.0)
      faraday (~> 0.8, < 0.10)
      multi_json (~> 1.0)
      simple_oauth (~> 0.2)

PLATFORMS
  ruby

DEPENDENCIES
  bundler (~> 1.3)
  mines!
  minitest
  rake
